GEM
  remote: https://rubygems.org/
  specs:
    base64 (0.2.0)
    haml (5.1.2)
      temple (>= 0.8.0)
      tilt
    mustermann (3.0.0)
      ruby2_keywords (~> 0.0.1)
    rack (3.0.8)
    rack-protection (4.0.0)
      base64 (>= 0.1.0)
      rack (>= 3.0.0, < 4)
    rack-session (2.0.0)
      rack (>= 3.0.0)
    ruby2_keywords (0.0.5)
    sinatra (4.0.0)
      mustermann (~> 3.0)
      rack (>= 3.0.0, < 4)
      rack-protection (= 4.0.0)
      rack-session (>= 2.0.0, < 3)
      tilt (~> 2.0)
    temple (0.8.2)
    tilt (2.3.0)

PLATFORMS
  ruby

DEPENDENCIES
  haml
  sinatra (>= 4.0.0)

BUNDLED WITH
   2.1.4
